GEM
  remote: https://rubygems.org/
  specs:
    childprocess (4.1.0)
    coderay (1.1.3)
    dotenv (2.8.1)
    httparty (0.21.0)
      mini_mime (>= 1.0.0)
      multi_xml (>= 0.5.2)
    iniparse (1.5.0)
    method_source (1.0.0)
    mini_mime (1.1.2)
    multi_xml (0.6.0)
    overcommit (0.59.1)
      childprocess (>= 0.6.3, < 5)
      iniparse (~> 1.4)
      rexml (~> 3.2)
    pry (0.14.1)
      coderay (~> 1.1)
      method_source (~> 1.0)
    rexml (3.2.5)

PLATFORMS
  x86_64-linux

DEPENDENCIES
  dotenv
  httparty
  overcommit
  pry

RUBY VERSION
   ruby 3.0.4p208

BUNDLED WITH
   2.2.33
