GEM
  remote: https://rubygems.org/
  specs:
    coderay (1.1.3)
    dotenv (2.8.1)
    httparty (0.21.0)
      mini_mime (>= 1.0.0)
      multi_xml (>= 0.5.2)
    method_source (1.0.0)
    mini_mime (1.1.2)
    multi_xml (0.6.0)
    pry (0.14.1)
      coderay (~> 1.1)
      method_source (~> 1.0)

PLATFORMS
  x86_64-linux

DEPENDENCIES
  dotenv
  httparty
  pry

RUBY VERSION
   ruby 3.0.1p64

BUNDLED WITH
   2.2.15
